GIT
  remote: https://github.com/alenia/deck.rb.git
  revision: 5631ee47aa176d56478a1ec531afb04b63984d83
  branch: for_use_with_internet
  specs:
    deckrb (0.4.0)
      coderay
      erector (>= 0.9.0.pre1)
      json
      nokogiri
      rack
      rack-codehighlighter
      redcarpet (~> 2)
      trollop

GEM
  remote: http://rubygems.org/
  specs:
    coderay (1.0.7)
    daemons (1.1.9)
    erector (0.9.0)
      treetop (>= 1.2.3)
    eventmachine (1.0.0)
    json (1.7.5)
    nokogiri (1.5.5)
    polyglot (0.3.3)
    rack (1.4.1)
    rack-codehighlighter (0.5.0)
      nokogiri (>= 1.4.1)
      rack (>= 1.0.0)
    redcarpet (2.1.1)
    thin (1.4.1)
      daemons (>= 1.0.9)
      eventmachine (>= 0.12.6)
      rack (>= 1.0.0)
    treetop (1.4.10)
      polyglot
      polyglot (>= 0.3.1)
    trollop (2.0)

PLATFORMS
  ruby

DEPENDENCIES
  deckrb!
  thin
